GEM
  remote: https://rubygems.org/
  specs:
    base64 (0.2.0)
    chunky_png (1.4.0)
    ffi (1.17.1)
    mini_portile2 (2.8.8)
    mustermann (3.0.3)
      ruby2_keywords (~> 0.0.1)
    rack (2.2.11)
    rack-protection (3.2.0)
      base64 (>= 0.1.0)
      rack (~> 2.2, >= 2.2.4)
    rqrcode (2.2.0)
      chunky_png (~> 1.0)
      rqrcode_core (~> 1.0)
    rqrcode_core (1.2.0)
    ruby2_keywords (0.0.5)
    sinatra (3.2.0)
      mustermann (~> 3.0)
      rack (~> 2.2, >= 2.2.4)
      rack-protection (= 3.2.0)
      tilt (~> 2.0)
    sqlite3 (1.7.3)
      mini_portile2 (~> 2.8.0)
    tilt (2.6.0)
    zbar (0.3.0)
      ffi (~> 1.0)

PLATFORMS
  x86_64-linux

DEPENDENCIES
  rqrcode
  sinatra
  sqlite3
  zbar

BUNDLED WITH
   2.4.22
