GEM
  remote: https://rubygems.org/
  specs:
    base64 (0.2.0)
    benchmark (0.4.0)
    chunky_png (1.4.0)
    ffi (1.17.1)
    image_processing (1.14.0)
      mini_magick (>= 4.9.5, < 6)
      ruby-vips (>= 2.0.17, < 3)
    jruby-jars (9.4.12.0)
    logger (1.6.6)
    mini_magick (5.1.2)
      benchmark
      logger
    mini_portile2 (2.8.8)
    multi_json (1.15.0)
    mustermann (3.0.3)
      ruby2_keywords (~> 0.0.1)
    quirc-rb (0.1.1)
      image_processing (~> 1.12, >= 1.12.1)
    rack (2.2.11)
    rack-protection (3.2.0)
      base64 (>= 0.1.0)
      rack (~> 2.2, >= 2.2.4)
    rotp (6.3.0)
    rqrcode (2.2.0)
      chunky_png (~> 1.0)
      rqrcode_core (~> 1.0)
    rqrcode_core (1.2.0)
    ruby-vips (2.2.3)
      ffi (~> 1.12)
      logger
    ruby2_keywords (0.0.5)
    sinatra (3.2.0)
      mustermann (~> 3.0)
      rack (~> 2.2, >= 2.2.4)
      rack-protection (= 3.2.0)
      tilt (~> 2.0)
    sqlite3 (1.7.3)
      mini_portile2 (~> 2.8.0)
    streamio-ffmpeg (3.0.2)
      multi_json (~> 1.8)
    tilt (2.6.0)
    zxing (0.4.0)
      jruby-jars

PLATFORMS
  x86_64-linux

DEPENDENCIES
  mini_magick
  quirc-rb
  rotp
  rqrcode
  sinatra
  sqlite3
  streamio-ffmpeg
  zxing

BUNDLED WITH
   2.4.22
